GEM
  remote: https://rubygems.org/
  specs:
    buftok (0.2.0)
    em-twitter (0.3.5)
      buftok (~> 0.2)
      eventmachine (~> 1.0)
      http_parser.rb (~> 0.6)
      simple_oauth (~> 0.2)
    eventmachine (1.0.8)
    faraday (0.9.2)
      multipart-post (>= 1.2, < 3)
    foreman (0.78.0)
      thor (~> 0.19.1)
    hipchat (1.5.2)
      httparty
      mimemagic
    http_parser.rb (0.6.0)
    httparty (0.13.7)
      json (~> 1.8)
      multi_xml (>= 0.5.2)
    idobata (0.0.9)
      faraday (>= 0.8.8)
    json (1.8.3)
    mimemagic (0.3.0)
    multi_xml (0.5.5)
    multipart-post (2.0.0)
    simple_oauth (0.3.1)
    thor (0.19.1)

PLATFORMS
  ruby

DEPENDENCIES
  em-twitter
  foreman
  hipchat
  idobata
  json

BUNDLED WITH
   1.10.6
